GEM
  remote: http://rubygems.org/
  specs:
    ZenTest (4.8.1)
    abstract (1.0.0)
    actionmailer (3.0.14)
      actionpack (= 3.0.14)
      mail (~> 2.2.19)
    actionpack (3.0.14)
      activemodel (= 3.0.14)
      activesupport (= 3.0.14)
      builder (~> 2.1.2)
      erubis (~> 2.6.6)
      i18n (~> 0.5.0)
      rack (~> 1.2.5)
      rack-mount (~> 0.6.14)
      rack-test (~> 0.5.7)
      tzinfo (~> 0.3.23)
    activemodel (3.0.14)
      activesupport (= 3.0.14)
      builder (~> 2.1.2)
      i18n (~> 0.5.0)
    activerecord (3.0.14)
      activemodel (= 3.0.14)
      activesupport (= 3.0.14)
      arel (~> 2.0.10)
      tzinfo (~> 0.3.23)
    activeresource (3.0.14)
      activemodel (= 3.0.14)
      activesupport (= 3.0.14)
    activesupport (3.0.14)
    addressable (2.2.8)
    annotate (2.4.0)
    arel (2.0.10)
    autotest (4.4.6)
      ZenTest (>= 4.4.1)
    autotest-fsevent (0.2.8)
      sys-uname
    autotest-growl (0.2.16)
    autotest-rails-pure (4.1.2)
    builder (2.1.2)
    diff-lcs (1.1.3)
    erubis (2.6.6)
      abstract (>= 1.0.0)
    excon (0.14.0)
    factory_girl (3.4.0)
      activesupport (>= 3.0.0)
    factory_girl_rails (3.4.0)
      factory_girl (~> 3.4.0)
      railties (>= 3.0.0)
    faker (1.0.1)
      i18n (~> 0.4)
    ffi (1.0.11)
    gravatar_image_tag (1.1.2)
    heroku (2.26.7)
      heroku-api (~> 0.2.4)
      launchy (>= 0.3.2)
      netrc (~> 0.7.4)
      rest-client (~> 1.6.1)
      rubyzip
    heroku-api (0.2.5)
      excon (~> 0.14.0)
    i18n (0.5.0)
    json (1.7.3)
    launchy (2.1.0)
      addressable (~> 2.2.6)
    mail (2.2.19)
      activesupport (>= 2.3.6)
      i18n (>= 0.4.0)
      mime-types (~> 1.16)
      treetop (~> 1.4.8)
    mime-types (1.18)
    netrc (0.7.4)
    nokogiri (1.5.4)
    pg (0.13.2)
    polyglot (0.3.3)
    rack (1.2.5)
    rack-mount (0.6.14)
      rack (>= 1.0.0)
    rack-test (0.5.7)
      rack (>= 1.0)
    rails (3.0.14)
      actionmailer (= 3.0.14)
      actionpack (= 3.0.14)
      activerecord (= 3.0.14)
      activeresource (= 3.0.14)
      activesupport (= 3.0.14)
      bundler (~> 1.0)
      railties (= 3.0.14)
    railties (3.0.14)
      actionpack (= 3.0.14)
      activesupport (= 3.0.14)
      rake (>= 0.8.7)
      rdoc (~> 3.4)
      thor (~> 0.14.4)
    rake (0.9.2.2)
    rdoc (3.12)
      json (~> 1.4)
    rest-client (1.6.7)
      mime-types (>= 1.16)
    rspec (2.10.0)
      rspec-core (~> 2.10.0)
      rspec-expectations (~> 2.10.0)
      rspec-mocks (~> 2.10.0)
    rspec-core (2.10.1)
    rspec-expectations (2.10.0)
      diff-lcs (~> 1.1.3)
    rspec-mocks (2.10.1)
    rspec-rails (2.10.1)
      actionpack (>= 3.0)
      activesupport (>= 3.0)
      railties (>= 3.0)
      rspec (~> 2.10.0)
    rubyzip (0.9.8)
    sequel (3.20.0)
    sinatra (1.0)
      rack (>= 1.0)
    spork (0.9.2)
    sys-uname (0.9.0)
      ffi (>= 1.0.0)
    taps (0.3.24)
      rack (>= 1.0.1)
      rest-client (>= 1.4.0, < 1.7.0)
      sequel (~> 3.20.0)
      sinatra (~> 1.0.0)
    thor (0.14.6)
    treetop (1.4.10)
      polyglot
      polyglot (>= 0.3.1)
    tzinfo (0.3.33)
    webrat (0.7.3)
      nokogiri (>= 1.2.0)
      rack (>= 1.0)
      rack-test (>= 0.5.3)
    will_paginate (3.0.3)

PLATFORMS
  ruby

DEPENDENCIES
  annotate (= 2.4.0)
  autotest
  autotest-fsevent
  autotest-growl
  autotest-rails-pure
  factory_girl_rails
  faker
  ffi (~> 1.0.11)
  gravatar_image_tag
  heroku
  pg
  rails (= 3.0.14)
  rake (~> 0.9.0)
  rspec
  rspec-rails
  spork
  taps
  webrat
  will_paginate
